PATH
  remote: .
  specs:
    starwarsgem (0.0.1)
      httparty (= 0.13.7)

GEM
  remote: https://rubygems.org/
  specs:
    httparty (0.13.7)
      json (~> 1.8)
      multi_xml (>= 0.5.2)
    json (1.8.6)
    multi_xml (0.6.0)
    rake (10.4.2)

PLATFORMS
  ruby

DEPENDENCIES
  bundler (~> 1.16)
  rake (~> 10.0)
  starwarsgem!

BUNDLED WITH
   1.16.5
