PATH
  remote: .
  specs:
    starwarsgem (0.0.1)
      httparty (= 0.21.0)

GEM
  remote: https://rubygems.org/
  specs:
    httparty (0.21.0)
      mini_mime (>= 1.0.0)
      multi_xml (>= 0.5.2)
    mini_mime (1.1.2)
    multi_xml (0.6.0)
    rake (10.4.2)

PLATFORMS
  ruby

DEPENDENCIES
  bundler (~> 1.16)
  rake (~> 10.0)
  starwarsgem!

BUNDLED WITH
   1.16.5
